GEM
  remote: http://rubygems.org/
  specs:
    rake (11.3.0)

PLATFORMS
  x86-mingw32

DEPENDENCIES
  bundler (>= 1.3.5)
  rake (>= 10.0.3)

BUNDLED WITH
   1.13.6
