GEM
  remote: http://rubygems.org/
  specs:
    rake (12.3.3)

PLATFORMS
  ruby
  x86-mingw32

DEPENDENCIES
  bundler (>= 1.3.5)
  rake (>= 10.0.3)

BUNDLED WITH
   1.13.6
